GEM
  remote: http://rubygems.org/
  specs:
    diff-lcs (1.2.5)
    rack (1.6.5)
    rack-protection (1.5.3)
      rack
    rake (11.3.0)
    rspec (3.5.0)
      rspec-core (~> 3.5.0)
      rspec-expectations (~> 3.5.0)
      rspec-mocks (~> 3.5.0)
    rspec-core (3.5.4)
      rspec-support (~> 3.5.0)
    rspec-expectations (3.5.0)
      diff-lcs (>= 1.2.0, < 2.0)
      rspec-support (~> 3.5.0)
    rspec-mocks (3.5.0)
      diff-lcs (>= 1.2.0, < 2.0)
      rspec-support (~> 3.5.0)
    rspec-support (3.5.0)
    sinatra (1.4.7)
      rack (~> 1.5)
      rack-protection (~> 1.4)
      tilt (>= 1.3, < 3)
    tilt (2.0.5)

PLATFORMS
  ruby
  x86-mingw32

DEPENDENCIES
  rake
  rspec
  sinatra

RUBY VERSION
   ruby 2.3.0p0

BUNDLED WITH
   1.13.6
